GEM
  remote: http://rubygems.org/
  specs:
    data_mapper (1.1.0)
    sinatra (1.2.6)

PLATFORMS
  ruby

DEPENDENCIES
  activesupport
  data_mapper
  dm-postgres-adapter
  haml
  sinatra
